GEM
  remote: http://rubygems.org/
  specs:
    activemodel (3.2.1)
      activesupport (= 3.2.1)
      builder (~> 3.0.0)
    activesupport (3.2.1)
      i18n (~> 0.6)
      multi_json (~> 1.0)
    bacon (1.1.0)
    bacon-rr (0.1.0)
      bacon (>= 1.1.0)
      rr (>= 1.0)
    bcrypt-ruby (3.0.1-x86-mingw32)
    bson (1.5.2)
    bson_ext (1.5.2)
      bson (= 1.5.2)
    builder (3.0.0)
    daemons (1.1.8)
    eventmachine (0.12.10)
    foreman (0.39.0)
      term-ansicolor (~> 1.0.7)
      thor (>= 0.13.6)
    foreman (0.39.0-x86-mingw32)
      term-ansicolor (~> 1.0.7)
      thor (>= 0.13.6)
      win32console (~> 1.3.0)
    i18n (0.6.0)
    mail (2.4.1)
      i18n (>= 0.4.0)
      mime-types (~> 1.16)
      treetop (~> 1.4.8)
    mime-types (1.17.2)
    mongo (1.5.2)
      bson (= 1.5.2)
    mongoid (2.4.3)
      activemodel (~> 3.1)
      mongo (~> 1.3)
      tzinfo (~> 0.3.22)
    multi_json (1.0.4)
    polyglot (0.3.3)
    pony (1.4)
      mail (> 2.0)
    rack (1.4.1)
    rack-protection (1.2.0)
      rack
    rack-test (0.6.1)
      rack (>= 1.0)
    rr (1.0.4)
    sinatra (1.3.2)
      rack (~> 1.3, >= 1.3.6)
      rack-protection (~> 1.2)
      tilt (~> 1.3, >= 1.3.3)
    term-ansicolor (1.0.7)
    thin (1.3.1)
      daemons (>= 1.0.9)
      eventmachine (>= 0.12.6)
      rack (>= 1.0.0)
    thor (0.14.6)
    tilt (1.3.3)
    treetop (1.4.10)
      polyglot
      polyglot (>= 0.3.1)
    tzinfo (0.3.31)
    win32console (1.3.0-x86-mingw32)

PLATFORMS
  ruby
  x86-mingw32

DEPENDENCIES
  bacon (~> 1.1.0)
  bacon-rr (~> 0.1.0)
  bcrypt-ruby (~> 3.0.1)
  bson_ext (~> 1.5.2)
  foreman (~> 0.39.0)
  mongoid (~> 2.4.3)
  pony (~> 1.4)
  rack-test (~> 0.6.1)
  sinatra (~> 1.3.2)
  thin (~> 1.3.1)
